GEM
  specs:
    activesupport (5.2.0)
      concurrent-ruby (~> 1.0, >= 1.0.2)
      i18n (>= 0.7, < 2)
      minitest (~> 5.1)
      tzinfo (~> 1.1)
    addressable (2.5.2)
      public_suffix (>= 2.0.2, < 4.0)
    backports (3.11.3)
    coffee-script (2.4.1)
      coffee-script-source
      execjs
    coffee-script-source (1.11.1)
    colorator (1.1.0)
    concurrent-ruby (1.0.5)
    em-websocket (0.5.1)
      eventmachine (>= 0.12.9)
      http_parser.rb (~> 0.6.0)
    eventmachine (1.2.5)
    execjs (2.7.0)
    extras (0.3.0)
      forwardable-extended (~> 2.5)
    faraday (0.13.1)
      multipart-post (>= 1.2, < 3)
    fastimage (2.1.1)
    ffi (1.9.23)
    forwardable-extended (2.6.0)
    http_parser.rb (0.6.0)
    i18n (0.9.5)
      concurrent-ruby (~> 1.0)
    jekyll (3.7.3)
      addressable (~> 2.4)
      colorator (~> 1.0)
      em-websocket (~> 0.5)
      i18n (~> 0.7)
      jekyll-sass-converter (~> 1.0)
      jekyll-watch (~> 2.0)
      kramdown (~> 1.14)
      liquid (~> 4.0)
      mercenary (~> 0.3.3)
      pathutil (~> 0.9)
      rouge (>= 1.7, < 4)
      safe_yaml (~> 1.0)
    jekyll-admin (0.8.0)
      addressable (~> 2.4)
      jekyll (~> 3.3)
      sinatra (~> 1.4)
      sinatra-contrib (~> 1.4)
    jekyll-assets (3.0.11)
      activesupport (~> 5.0)
      execjs (~> 2.7)
      extras (~> 0.2)
      fastimage (~> 2.0, >= 1.8)
      jekyll (>= 3.5, < 4.0)
      jekyll-sanity (~> 1.2)
      liquid-tag-parser (~> 1.0)
      nokogiri (~> 1.8)
      pathutil (~> 0.16)
      sprockets (>= 3.3, < 4.1.beta)
    jekyll-coffeescript (1.1.1)
      coffee-script (~> 2.2)
      coffee-script-source (~> 1.11.1)
    jekyll-gist (1.5.0)
      octokit (~> 4.2)
    jekyll-sanity (1.2.0)
      jekyll (~> 3.1)
    jekyll-sass-converter (1.5.2)
      sass (~> 3.4)
    jekyll-watch (2.0.0)
      listen (~> 3.0)
    kramdown (1.16.2)
    liquid (4.0.0)
    liquid-tag-parser (1.9.0)
      extras (~> 0.3)
      liquid (>= 3.0, < 5.0)
    listen (3.1.5)
      rb-fsevent (~> 0.9, >= 0.9.4)
      rb-inotify (~> 0.9, >= 0.9.7)
      ruby_dep (~> 1.2)
    mercenary (0.3.6)
    mini_portile2 (2.3.0)
    minitest (5.10.1)
    multi_json (1.13.1)
    multipart-post (2.0.0)
    nokogiri (1.8.2)
      mini_portile2 (~> 2.3.0)
    octokit (4.7.0)
      sawyer (~> 0.8.0, >= 0.5.3)
    pathutil (0.16.1)
      forwardable-extended (~> 2.6)
    public_suffix (3.0.2)
    rack (1.6.9)
    rack-protection (1.5.5)
      rack
    rack-test (1.0.0)
      rack (>= 1.0, < 3)
    rb-fsevent (0.10.3)
    rb-inotify (0.9.10)
      ffi (>= 0.5.0, < 2)
    rouge (3.1.1)
    ruby_dep (1.5.0)
    safe_yaml (1.0.4)
    sass (3.5.6)
      sass-listen (~> 4.0.0)
    sass-listen (4.0.0)
      rb-fsevent (~> 0.9, >= 0.9.4)
      rb-inotify (~> 0.9, >= 0.9.7)
    sawyer (0.8.1)
      addressable (>= 2.3.5, < 2.6)
      faraday (~> 0.8, < 1.0)
    sinatra (1.4.8)
      rack (~> 1.5)
      rack-protection (~> 1.4)
      tilt (>= 1.3, < 3)
    sinatra-contrib (1.4.7)
      backports (>= 2.0)
      multi_json
      rack-protection
      rack-test
      sinatra (~> 1.4.0)
      tilt (>= 1.3, < 3)
    sprockets (4.0.0.beta7)
      concurrent-ruby (~> 1.0)
      rack (> 1, < 3)
    thread_safe (0.3.6)
    tilt (2.0.8)
    tzinfo (1.2.5)
      thread_safe (~> 0.1)

PLATFORMS
  ruby

DEPENDENCIES
  jekyll-admin
  jekyll-assets
  jekyll-coffeescript
  jekyll-gist

BUNDLED WITH
   1.16.0
